PATH
  remote: .
  specs:
    stripe_fee (0.1.1)

GEM
  remote: https://rubygems.org/
  specs:
    diff-lcs (1.3)
    rake (13.0.1)
    rspec (3.8.0)
      rspec-core (~> 3.8.0)
      rspec-expectations (~> 3.8.0)
      rspec-mocks (~> 3.8.0)
    rspec-core (3.8.1)
      rspec-support (~> 3.8.0)
    rspec-expectations (3.8.4)
      diff-lcs (>= 1.2.0, < 2.0)
      rspec-support (~> 3.8.0)
    rspec-mocks (3.8.1)
      diff-lcs (>= 1.2.0, < 2.0)
      rspec-support (~> 3.8.0)
    rspec-support (3.8.2)

PLATFORMS
  ruby

DEPENDENCIES
  bundler (~> 1.17)
  rake (~> 13.0)
  rspec (~> 3.0)
  stripe_fee!

BUNDLED WITH
   1.17.2
